GIT
  remote: https://github.com/randym/axlsx
  revision: 73d9477fc33706f4a186e92794134248fb389183
  branch: release-3.0.0
  specs:
    axlsx (3.0.0.pre)
      htmlentities (~> 4.3, >= 4.3.4)
      mimemagic (~> 0.3)
      nokogiri (~> 1.8, >= 1.8.2)
      rubyzip (~> 1.2, >= 1.2.1)

GEM
  remote: https://rubygems.org/
  specs:
    Ascii85 (1.0.3)
    aasm (4.12.3)
      concurrent-ruby (~> 1.0)
    actionmailer (4.2.10)
      actionpack (= 4.2.10)
      actionview (= 4.2.10)
      activejob (= 4.2.10)
      mail (~> 2.5, >= 2.5.4)
      rails-dom-testing (~> 1.0, >= 1.0.5)
    actionpack (4.2.10)
      actionview (= 4.2.10)
      activesupport (= 4.2.10)
      rack (~> 1.6)
      rack-test (~> 0.6.2)
      rails-dom-testing (~> 1.0, >= 1.0.5)
      rails-html-sanitizer (~> 1.0, >= 1.0.2)
    actionpack-page_caching (1.1.0)
      actionpack (>= 4.0.0, < 6)
    actionview (4.2.10)
      activesupport (= 4.2.10)
      builder (~> 3.1)
      erubis (~> 2.7.0)
      rails-dom-testing (~> 1.0, >= 1.0.5)
      rails-html-sanitizer (~> 1.0, >= 1.0.3)
    active_record_query_trace (1.5.4)
    activejob (4.2.10)
      activesupport (= 4.2.10)
      globalid (>= 0.3.0)
    activemodel (4.2.10)
      activesupport (= 4.2.10)
      builder (~> 3.1)
    activerecord (4.2.10)
      activemodel (= 4.2.10)
      activesupport (= 4.2.10)
      arel (~> 6.0)
    activesupport (4.2.10)
      i18n (~> 0.7)
      minitest (~> 5.1)
      thread_safe (~> 0.3, >= 0.3.4)
      tzinfo (~> 1.1)
    addressable (2.5.2)
      public_suffix (>= 2.0.2, < 4.0)
    afm (0.2.2)
    ansi (1.5.0)
    api-pagination (4.7.0)
    apipie-rails (0.5.6)
      rails (>= 4.1)
    arel (6.0.4)
    autoprefixer-rails (8.2.0)
      execjs
    awesome_print (1.8.0)
    axiom-types (0.1.1)
      descendants_tracker (~> 0.0.4)
      ice_nine (~> 0.11.0)
      thread_safe (~> 0.3, >= 0.3.1)
    axlsx_rails (0.5.1)
      actionpack (>= 3.1)
      axlsx (>= 2.0.1)
    bcrypt (3.1.12)
    binding_of_caller (0.8.0)
      debug_inspector (>= 0.0.1)
    bootstrap-sass (3.3.7)
      autoprefixer-rails (>= 5.2.1)
      sass (>= 3.3.4)
    buftok (0.2.0)
    builder (3.2.3)
    byebug (10.0.1)
    camertron-eprun (1.1.1)
    capistrano (2.15.9)
      highline
      net-scp (>= 1.0.0)
      net-sftp (>= 2.0.0)
      net-ssh (>= 2.0.14)
      net-ssh-gateway (>= 1.1.0)
    capistrano-maintenance (0.0.5)
      capistrano (~> 2.0)
    capistrano-sidekiq (0.10.0)
      capistrano
      sidekiq (>= 3.4)
    carrierwave (1.2.2)
      activemodel (>= 4.0.0)
      activesupport (>= 4.0.0)
      mime-types (>= 1.16)
    chroma (0.2.0)
    chunky_png (1.3.10)
    cldr-plurals-runtime-rb (1.0.1)
    coercible (1.0.0)
      descendants_tracker (~> 0.0.1)
    coffee-rails (4.1.1)
      coffee-script (>= 2.2.0)
      railties (>= 4.0.0, < 5.1.x)
    coffee-script (2.4.1)
      coffee-script-source
      execjs
    coffee-script-source (1.12.2)
    compass (1.0.3)
      chunky_png (~> 1.2)
      compass-core (~> 1.0.2)
      compass-import-once (~> 1.0.5)
      rb-fsevent (>= 0.9.3)
      rb-inotify (>= 0.9)
      sass (>= 3.3.13, < 3.5)
    compass-core (1.0.3)
      multi_json (~> 1.0)
      sass (>= 3.3.0, < 3.5)
    compass-import-once (1.0.5)
      sass (>= 3.2, < 3.5)
    compass-rails (2.0.4)
      compass (~> 1.0.0)
      sass-rails (<= 5.0.1)
      sprockets (< 2.13)
    concurrent-ruby (1.0.5)
    connection_pool (2.2.1)
    coveralls (0.8.21)
      json (>= 1.8, < 3)
      simplecov (~> 0.14.1)
      term-ansicolor (~> 1.3)
      thor (~> 0.19.4)
      tins (~> 1.6)
    crack (0.4.3)
      safe_yaml (~> 1.0.0)
    crass (1.0.4)
    daemons (1.2.6)
    database_cleaner (1.6.2)
    debug_inspector (0.0.3)
    descendants_tracker (0.0.4)
      thread_safe (~> 0.3, >= 0.3.1)
    devise (3.5.10)
      bcrypt (~> 3.0)
      orm_adapter (~> 0.1)
      railties (>= 3.2.6, < 5)
      responders
      thread_safe (~> 0.1)
      warden (~> 1.2.3)
    devise-async (0.10.2)
      devise (>= 3.2, < 4.0)
    docile (1.1.5)
    domain_name (0.5.20170404)
      unf (>= 0.0.5, < 1.0.0)
    elasticsearch (5.0.4)
      elasticsearch-api (= 5.0.4)
      elasticsearch-transport (= 5.0.4)
    elasticsearch-api (5.0.4)
      multi_json
    elasticsearch-model (5.0.2)
      activesupport (> 3)
      elasticsearch (~> 5)
      hashie
    elasticsearch-persistence (5.0.2)
      activemodel (> 4)
      activesupport (> 4)
      elasticsearch (~> 5)
      elasticsearch-model (~> 5)
      hashie
      virtus
    elasticsearch-rails (5.0.2)
    elasticsearch-transport (5.0.4)
      faraday
      multi_json
    equalizer (0.0.11)
    erubis (2.7.0)
    et-orbi (1.1.0)
      tzinfo
    eventmachine (1.0.9.1)
    excon (0.61.0)
    execjs (2.7.0)
    faker (1.8.7)
      i18n (>= 0.7)
    faraday (0.12.2)
      multipart-post (>= 1.2, < 3)
    ffi (1.9.23)
    figaro (1.1.1)
      thor (~> 0.14)
    fog-aws (2.0.1)
      fog-core (~> 1.38)
      fog-json (~> 1.0)
      fog-xml (~> 0.1)
      ipaddress (~> 0.8)
    fog-core (1.45.0)
      builder
      excon (~> 0.58)
      formatador (~> 0.2)
    fog-json (1.0.2)
      fog-core (~> 1.0)
      multi_json (~> 1.10)
    fog-xml (0.1.3)
      fog-core
      nokogiri (>= 1.5.11, < 2.0.0)
    font-awesome-rails (4.7.0.4)
      railties (>= 3.2, < 6.0)
    foreman (0.84.0)
      thor (~> 0.19.1)
    forgery (0.7.0)
    formatador (0.2.5)
    friendly_id (5.1.0)
      activerecord (>= 4.0.0)
    globalid (0.4.1)
      activesupport (>= 4.2.0)
    has_secure_token (1.0.0)
      activerecord (>= 3.0)
    hashdiff (0.3.7)
    hashery (2.1.2)
    hashie (3.5.7)
    highline (1.7.10)
    hike (1.2.3)
    htmlentities (4.3.4)
    http (3.0.0)
      addressable (~> 2.3)
      http-cookie (~> 1.0)
      http-form_data (>= 2.0.0.pre.pre2, < 3)
      http_parser.rb (~> 0.6.0)
    http-cookie (1.0.3)
      domain_name (~> 0.5)
    http-form_data (2.1.0)
    http_parser.rb (0.6.0)
    httparty (0.16.1)
      multi_xml (>= 0.5.2)
    i18n (0.9.5)
      concurrent-ruby (~> 1.0)
    ice_nine (0.11.2)
    idn-ruby (0.1.0)
    ipaddress (0.8.3)
    jbuilder (2.7.0)
      activesupport (>= 4.2.0)
      multi_json (>= 1.2)
    jbuilder_cache_multi (0.1.0)
      jbuilder (>= 1.5.0, < 3)
    jquery-rails (4.3.3)
      rails-dom-testing (>= 1, < 3)
      railties (>= 4.2.0)
      thor (>= 0.14, < 2.0)
    jquery-ui-rails (6.0.1)
      railties (>= 3.2.16)
    json (1.8.6)
    jwt (1.5.6)
    kaminari (1.1.1)
      activesupport (>= 4.1.0)
      kaminari-actionview (= 1.1.1)
      kaminari-activerecord (= 1.1.1)
      kaminari-core (= 1.1.1)
    kaminari-actionview (1.1.1)
      actionview
      kaminari-core (= 1.1.1)
    kaminari-activerecord (1.1.1)
      activerecord
      kaminari-core (= 1.1.1)
    kaminari-core (1.1.1)
    loofah (2.2.2)
      crass (~> 1.0.2)
      nokogiri (>= 1.5.9)
    mail (2.7.0)
      mini_mime (>= 0.1.1)
    mailcatcher (0.6.5)
      eventmachine (= 1.0.9.1)
      mail (~> 2.3)
      rack (~> 1.5)
      sinatra (~> 1.2)
      skinny (~> 0.2.3)
      sqlite3 (~> 1.3)
      thin (~> 1.5.0)
    memoizable (0.4.2)
      thread_safe (~> 0.3, >= 0.3.1)
    message_format (0.0.5)
      twitter_cldr (~> 4.0)
    mime-types (3.1)
      mime-types-data (~> 3.2015)
    mime-types-data (3.2016.0521)
    mimemagic (0.3.2)
    mini_magick (4.8.0)
    mini_mime (1.0.0)
    mini_portile2 (2.3.0)
    minitest (5.11.3)
    minitest-reporters (1.2.0)
      ansi
      builder
      minitest (>= 5.0)
      ruby-progressbar
    multi_json (1.13.1)
    multi_xml (0.6.0)
    multipart-post (2.0.0)
    naught (1.1.0)
    net-scp (1.2.1)
      net-ssh (>= 2.6.5)
    net-sftp (2.1.2)
      net-ssh (>= 2.6.5)
    net-ssh (4.2.0)
    net-ssh-gateway (2.0.0)
      net-ssh (>= 4.0.0)
    nokogiri (1.8.2)
      mini_portile2 (~> 2.3.0)
    notify_with (0.0.2)
      jbuilder (~> 2.0)
      rails (>= 4.2.0)
      responders (~> 2.0)
    oauth2 (1.4.0)
      faraday (>= 0.8, < 0.13)
      jwt (~> 1.0)
      multi_json (~> 1.3)
      multi_xml (~> 0.5)
      rack (>= 1.2, < 3)
    oj (3.3.10)
    omniauth (1.8.1)
      hashie (>= 3.4.6, < 3.6.0)
      rack (>= 1.6.2, < 3)
    omniauth-oauth2 (1.5.0)
      oauth2 (~> 1.1)
      omniauth (~> 1.2)
    openlab_ruby (0.0.4)
      httparty (~> 0.13)
    orm_adapter (0.5.0)
    pdf-core (0.7.0)
    pdf-reader (2.1.0)
      Ascii85 (~> 1.0.0)
      afm (~> 0.2.1)
      hashery (~> 2.0)
      ruby-rc4
      ttfunk
    pg (0.21.0)
    prawn (2.2.2)
      pdf-core (~> 0.7.0)
      ttfunk (~> 1.5)
    prawn-table (0.2.2)
      prawn (>= 1.3.0, < 3.0.0)
    protected_attributes (1.1.4)
      activemodel (>= 4.0.1, < 5.0)
    public_suffix (3.0.2)
    puma (3.11.3)
    pundit (1.1.0)
      activesupport (>= 3.0.0)
    rack (1.6.10)
    rack-protection (1.5.5)
      rack
    rack-test (0.6.3)
      rack (>= 1.0)
    railroady (1.5.3)
    rails (4.2.10)
      actionmailer (= 4.2.10)
      actionpack (= 4.2.10)
      actionview (= 4.2.10)
      activejob (= 4.2.10)
      activemodel (= 4.2.10)
      activerecord (= 4.2.10)
      activesupport (= 4.2.10)
      bundler (>= 1.3.0, < 2.0)
      railties (= 4.2.10)
      sprockets-rails
    rails-deprecated_sanitizer (1.0.3)
      activesupport (>= 4.2.0.alpha)
    rails-dom-testing (1.0.9)
      activesupport (>= 4.2.0, < 5.0)
      nokogiri (~> 1.6)
      rails-deprecated_sanitizer (>= 1.0.1)
    rails-html-sanitizer (1.0.4)
      loofah (~> 2.2, >= 2.2.2)
    rails-observers (0.1.5)
      activemodel (>= 4.0)
    rails_12factor (0.0.3)
      rails_serve_static_assets
      rails_stdout_logging
    rails_serve_static_assets (0.0.5)
    rails_stdout_logging (0.0.5)
    railties (4.2.10)
      actionpack (= 4.2.10)
      activesupport (= 4.2.10)
      rake (>= 0.8.7)
      thor (>= 0.18.1, < 2.0)
    rake (12.3.1)
    rb-fsevent (0.10.3)
    rb-inotify (0.9.10)
      ffi (>= 0.5.0, < 2)
    rdoc (4.3.0)
    recurrence (1.3.0)
      activesupport
      i18n
    redis (4.0.1)
    redis-namespace (1.6.0)
      redis (>= 3.0.4)
    responders (2.4.0)
      actionpack (>= 4.2.0, < 5.3)
      railties (>= 4.2.0, < 5.3)
    rolify (5.2.0)
    ruby-progressbar (1.9.0)
    ruby-rc4 (0.1.5)
    rubyzip (1.2.1)
    rufus-scheduler (3.4.2)
      et-orbi (~> 1.0)
    rvm-capistrano (1.5.6)
      capistrano (~> 2.15.4)
    safe_yaml (1.0.4)
    sass (3.4.25)
    sass-rails (5.0.1)
      railties (>= 4.0.0, < 5.0)
      sass (~> 3.1)
      sprockets (>= 2.8, < 4.0)
      sprockets-rails (>= 2.0, < 4.0)
      tilt (~> 1.1)
    sdoc (0.4.2)
      json (~> 1.7, >= 1.7.7)
      rdoc (~> 4.0)
    seed_dump (3.2.4)
      activerecord (>= 4)
      activesupport (>= 4)
    sidekiq (5.1.3)
      concurrent-ruby (~> 1.0)
      connection_pool (~> 2.2, >= 2.2.0)
      rack-protection (>= 1.5.0)
      redis (>= 3.3.5, < 5)
    sidekiq-cron (0.6.3)
      rufus-scheduler (>= 3.3.0)
      sidekiq (>= 4.2.1)
    simple_oauth (0.3.1)
    simplecov (0.14.1)
      docile (~> 1.1.0)
      json (>= 1.8, < 3)
      simplecov-html (~> 0.10.0)
    simplecov-html (0.10.2)
    sinatra (1.4.8)
      rack (~> 1.5)
      rack-protection (~> 1.4)
      tilt (>= 1.3, < 3)
    skinny (0.2.4)
      eventmachine (~> 1.0.0)
      thin (>= 1.5, < 1.7)
    spring (2.0.2)
      activesupport (>= 4.2)
    sprockets (2.12.4)
      hike (~> 1.2)
      multi_json (~> 1.0)
      rack (~> 1.0)
      tilt (~> 1.1, != 1.3.0)
    sprockets-rails (2.3.3)
      actionpack (>= 3.0)
      activesupport (>= 3.0)
      sprockets (>= 2.8, < 4.0)
    sqlite3 (1.3.13)
    stripe (3.11.0)
      faraday (~> 0.10)
    term-ansicolor (1.6.0)
      tins (~> 1.0)
    test_after_commit (1.1.0)
      activerecord (>= 3.2)
    thin (1.5.1)
      daemons (>= 1.0.9)
      eventmachine (>= 0.12.6)
      rack (>= 1.0.0)
    thor (0.19.4)
    thread_safe (0.3.6)
    tilt (1.4.1)
    tins (1.16.3)
    ttfunk (1.5.1)
    twitter (6.2.0)
      addressable (~> 2.3)
      buftok (~> 0.2.0)
      equalizer (~> 0.0.11)
      http (~> 3.0)
      http-form_data (~> 2.0)
      http_parser.rb (~> 0.6.0)
      memoizable (~> 0.4.0)
      multipart-post (~> 2.0)
      naught (~> 1.0)
      simple_oauth (~> 0.3.0)
    twitter-text (2.1.0)
      idn-ruby
      unf (~> 0.1.0)
    twitter_cldr (4.4.3)
      camertron-eprun
      cldr-plurals-runtime-rb (~> 1.0)
      tzinfo
    tzinfo (1.2.5)
      thread_safe (~> 0.1)
    uglifier (4.0.2)
      execjs (>= 0.3.0, < 3)
    unf (0.1.4)
      unf_ext
    unf_ext (0.0.7.5)
    vcr (4.0.0)
    virtus (1.0.5)
      axiom-types (~> 0.1)
      coercible (~> 1.0)
      descendants_tracker (~> 0.0, >= 0.0.3)
      equalizer (~> 0.0, >= 0.0.9)
    warden (1.2.7)
      rack (>= 1.0)
    web-console (2.1.3)
      activemodel (>= 4.0)
      binding_of_caller (>= 0.7.2)
      railties (>= 4.0)
      sprockets-rails (>= 2.0, < 4.0)
    webmock (3.3.0)
      addressable (>= 2.3.6)
      crack (>= 0.3.2)
      hashdiff

PLATFORMS
  ruby

DEPENDENCIES
  aasm
  actionpack-page_caching
  active_record_query_trace
  api-pagination
  apipie-rails
  awesome_print
  axlsx!
  axlsx_rails
  bootstrap-sass
  byebug
  capistrano
  capistrano-maintenance (= 0.0.5)
  capistrano-sidekiq
  carrierwave
  chroma
  coffee-rails (~> 4.1.0)
  compass-rails (= 2.0.4)
  coveralls
  database_cleaner
  devise (~> 3)
  devise-async
  elasticsearch-model
  elasticsearch-persistence
  elasticsearch-rails
  faker
  figaro
  fog-aws
  font-awesome-rails
  foreman
  forgery
  friendly_id (~> 5.1.0)
  has_secure_token
  jbuilder (~> 2.5)
  jbuilder_cache_multi
  jquery-rails
  jquery-ui-rails
  kaminari
  mailcatcher
  message_format
  mini_magick
  minitest-reporters
  notify_with
  oj (~> 3.3.9)
  omniauth
  omniauth-oauth2
  openlab_ruby
  pdf-reader
  pg (~> 0.21.0)
  prawn
  prawn-table
  protected_attributes
  puma
  pundit
  railroady
  rails (= 4.2.10)
  rails-observers
  rails_12factor
  recurrence
  redis-namespace
  responders (~> 2.0)
  rolify
  rvm-capistrano
  sass-rails (= 5.0.1)
  sdoc (~> 0.4.0)
  seed_dump
  sidekiq
  sidekiq-cron
  sinatra
  spring
  stripe
  test_after_commit
  twitter
  twitter-text
  uglifier (~> 4.0.1)
  vcr
  web-console (~> 2.1.3)
  webmock

BUNDLED WITH
   1.16.1
